GEM
  remote: https://rubygems.org/
  specs:
    minitest (5.11.3)
    ruby2d (0.9.2)

PLATFORMS
  ruby

DEPENDENCIES
  minitest
  ruby2d

BUNDLED WITH
   2.0.1
